ObjectType = Image
NDims = 3
BinaryData = True
BinaryDataByteOrderMSB = False
CompressedData = False
Offset = -248.9913 -227.5113 -16.7004
CenterOfRotation = 0 0 0
AnatomicalOrientation = RAI
ElementSpacing = 2.994 2.985 3.270
DimSize = 167 141 81 
ElementType = MET_SHORT
ElementNumberOfChannels = 3
ElementDataFile = dvf.raw